GIT
  remote: git://github.com/marnen/staticmatic.git
  revision: d1a01cdd2ed79f71deca32f37de2892acbfdabfb
  branch: tilt-1
  specs:
    staticmatic2 (2.1.8)
      aws-s3
      compass (~> 0.12.1)
      haml (~> 3.1)
      rack (>= 1.0)
      sass (~> 3.1)
      thor (>= 0.14.6)
      tilt (~> 1.3)

GEM
  remote: https://rubygems.org/
  specs:
    aws-s3 (0.6.3)
      builder
      mime-types
      xml-simple
    builder (3.2.2)
    chunky_png (1.3.1)
    compass (0.12.7)
      chunky_png (~> 1.2)
      fssm (>= 0.2.7)
      sass (~> 3.2.19)
    fssm (0.2.10)
    haml (3.1.8)
    mime-types (2.3)
    rack (1.5.2)
    rdiscount (2.1.7.1)
    sass (3.2.19)
    thor (0.19.1)
    tilt (1.4.1)
    xml-simple (1.1.4)

PLATFORMS
  ruby

DEPENDENCIES
  rdiscount
  staticmatic2!
